GEM
  remote: https://rubygems.org/
  specs:
    ast (2.4.3)
    async (2.34.0)
      console (~> 1.29)
      fiber-annotation
      io-event (~> 1.11)
      metrics (~> 0.12)
      traces (~> 0.18)
    async-container (0.27.7)
      async (~> 2.22)
    async-container-supervisor (0.7.0)
      async-service
      io-endpoint
      memory (~> 0.7)
      memory-leak (~> 0.5)
    async-http (0.92.1)
      async (>= 2.10.2)
      async-pool (~> 0.11)
      io-endpoint (~> 0.14)
      io-stream (~> 0.6)
      metrics (~> 0.12)
      protocol-http (~> 0.49)
      protocol-http1 (~> 0.30)
      protocol-http2 (~> 0.22)
      protocol-url (~> 0.2)
      traces (~> 0.10)
    async-http-cache (0.4.6)
      async-http (~> 0.56)
    async-pool (0.11.0)
      async (>= 2.0)
    async-service (0.14.4)
      async
      async-container (~> 0.16)
      string-format (~> 0.2)
    bake (0.24.1)
      bigdecimal
      samovar (~> 2.1)
    bigdecimal (3.3.1)
    concurrent-ruby (1.3.5)
    console (1.34.2)
      fiber-annotation
      fiber-local (~> 1.1)
      json
    date (3.4.1)
    debug (1.11.0)
      irb (~> 1.10)
      reline (>= 0.3.8)
    decide.rb (0.8.0)
      concurrent-ruby (~> 1.3)
    erb (5.1.1)
    falcon (0.52.4)
      async
      async-container (~> 0.20)
      async-container-supervisor (~> 0.6)
      async-http (~> 0.75)
      async-http-cache (~> 0.4)
      async-service (~> 0.10)
      bundler
      localhost (~> 1.1)
      openssl (~> 3.0)
      protocol-http (~> 0.31)
      protocol-rack (~> 0.7)
      samovar (~> 2.3)
    fiber-annotation (0.2.0)
    fiber-local (1.1.0)
      fiber-storage
    fiber-storage (1.0.1)
    io-console (0.8.1)
    io-endpoint (0.15.2)
    io-event (1.14.0)
    io-stream (0.11.0)
    irb (1.15.2)
      pp (>= 0.6.0)
      rdoc (>= 4.0.0)
      reline (>= 0.4.2)
    json (2.15.2)
    language_server-protocol (3.17.0.5)
    lint_roller (1.1.0)
    literal (1.8.1)
      zeitwerk
    localhost (1.6.0)
    mapping (1.1.3)
    memory (0.7.1)
      bake (~> 0.15)
      console
      msgpack
    memory-leak (0.7.0)
    metrics (0.15.0)
    minitest (5.26.0)
    minitest-junit (2.1.0)
      minitest (~> 5.11)
      ox (~> 2, >= 2.14.2)
    msgpack (1.8.0)
    openssl (3.3.1)
    ox (2.14.23)
      bigdecimal (>= 3.0)
    parallel (1.27.0)
    parser (3.3.9.0)
      ast (~> 2.4.1)
      racc
    pg (1.6.2-x86_64-linux)
    phlex (2.3.1)
      zeitwerk (~> 2.7)
    pp (0.6.3)
      prettyprint
    prettyprint (0.2.0)
    prism (1.6.0)
    protocol-hpack (1.5.1)
    protocol-http (0.55.0)
    protocol-http1 (0.35.2)
      protocol-http (~> 0.22)
    protocol-http2 (0.23.0)
      protocol-hpack (~> 1.4)
      protocol-http (~> 0.47)
    protocol-rack (0.16.0)
      io-stream (>= 0.10)
      protocol-http (~> 0.43)
      rack (>= 1.0)
    protocol-url (0.4.0)
    psych (5.2.6)
      date
      stringio
    racc (1.8.1)
    rack (3.2.3)
    rainbow (3.1.1)
    rake (13.3.0)
    rdoc (6.15.0)
      erb
      psych (>= 4.0.0)
      tsort
    regexp_parser (2.11.3)
    reline (0.6.2)
      io-console (~> 0.5)
    roda (3.97.0)
      rack
    rubocop (1.80.2)
      json (~> 2.3)
      language_server-protocol (~> 3.17.0.2)
      lint_roller (~> 1.1.0)
      parallel (~> 1.10)
      parser (>= 3.3.0.2)
      rainbow (>= 2.2.2, < 4.0)
      regexp_parser (>= 2.9.3, < 3.0)
      rubocop-ast (>= 1.46.0, < 2.0)
      ruby-progressbar (~> 1.7)
      unicode-display_width (>= 2.4.0, < 4.0)
    rubocop-ast (1.47.1)
      parser (>= 3.3.7.2)
      prism (~> 1.4)
    rubocop-performance (1.25.0)
      lint_roller (~> 1.1)
      rubocop (>= 1.75.0, < 2.0)
      rubocop-ast (>= 1.38.0, < 2.0)
    ruby-progressbar (1.13.0)
    ruby_event_store (2.17.1)
      concurrent-ruby (~> 1.0, >= 1.1.6)
    ruby_event_store-sequel (0.1.0)
      ruby_event_store (>= 2.0.0, < 3.0.0)
      sequel (~> 5.11)
    samovar (2.4.1)
      console (~> 1.0)
      mapping (~> 1.0)
    sequel (5.97.0)
      bigdecimal
    standard (1.51.1)
      language_server-protocol (~> 3.17.0.2)
      lint_roller (~> 1.0)
      rubocop (~> 1.80.2)
      standard-custom (~> 1.0.0)
      standard-performance (~> 1.8)
    standard-custom (1.0.2)
      lint_roller (~> 1.0)
      rubocop (~> 1.50)
    standard-performance (1.8.0)
      lint_roller (~> 1.1)
      rubocop-performance (~> 1.25.0)
    string-format (0.2.0)
    stringio (3.1.7)
    traces (0.18.2)
    tsort (0.2.0)
    unicode-display_width (3.2.0)
      unicode-emoji (~> 4.1)
    unicode-emoji (4.1.0)
    zeitwerk (2.7.3)

PLATFORMS
  x86_64-linux

DEPENDENCIES
  debug
  decide.rb
  falcon
  irb
  literal
  minitest
  minitest-junit
  pg
  phlex
  rake
  roda
  ruby_event_store
  ruby_event_store-sequel
  sequel
  standard
  zeitwerk

BUNDLED WITH
   2.7.2
